PATH
  remote: .
  specs:
    bigquery (0.8.0)
      google-api-client (= 0.9.pre1)

GEM
  remote: https://rubygems.org/
  specs:
    activesupport (4.2.3)
      i18n (~> 0.7)
      json (~> 1.7, >= 1.7.7)
      minitest (~> 5.1)
      thread_safe (~> 0.3, >= 0.3.4)
      tzinfo (~> 1.1)
    addressable (2.3.8)
    axiom-types (0.1.1)
      descendants_tracker (~> 0.0.4)
      ice_nine (~> 0.11.0)
      thread_safe (~> 0.3, >= 0.3.1)
    byebug (2.7.0)
      columnize (~> 0.3)
      debugger-linecache (~> 1.2)
    coderay (1.1.0)
    coercible (1.0.0)
      descendants_tracker (~> 0.0.1)
    columnize (0.8.9)
    debugger-linecache (1.2.0)
    descendants_tracker (0.0.4)
      thread_safe (~> 0.3, >= 0.3.1)
    equalizer (0.0.11)
    extlib (0.9.16)
    faraday (0.9.1)
      multipart-post (>= 1.2, < 3)
    google-api-client (0.9.pre1)
      activesupport (>= 3.2)
      addressable (~> 2.3)
      googleauth (~> 0.2)
      hurley (~> 0.1)
      memoist (~> 0.11)
      mime-types (>= 1.6)
      multi_json (~> 1.11)
      representable (~> 2.1)
      retriable (~> 2.0)
      thor (~> 0.19)
      virtus (~> 1.0)
    googleauth (0.4.1)
      faraday (~> 0.9)
      jwt (~> 1.4)
      logging (~> 2.0)
      memoist (~> 0.12)
      multi_json (= 1.11)
      signet (~> 0.6)
    hurley (0.1)
    i18n (0.7.0)
    ice_nine (0.11.1)
    json (1.8.3)
    jwt (1.5.1)
    little-plugger (1.1.3)
    logging (2.0.0)
      little-plugger (~> 1.1)
      multi_json (~> 1.10)
    memoist (0.12.0)
    method_source (0.8.2)
    mime-types (2.6.1)
    mini_portile (0.6.2)
    minitest (5.3.4)
    multi_json (1.11.0)
    multipart-post (2.0.0)
    nokogiri (1.6.6.2)
      mini_portile (~> 0.6.0)
    pry (0.9.12.6)
      coderay (~> 1.0)
      method_source (~> 0.8)
      slop (~> 3.4)
    pry-byebug (1.3.2)
      byebug (~> 2.7)
      pry (~> 0.9.12)
    rake (10.3.2)
    representable (2.2.3)
      multi_json
      nokogiri
      uber (~> 0.0.7)
    retriable (2.0.2)
    signet (0.6.1)
      addressable (~> 2.3)
      extlib (~> 0.9)
      faraday (~> 0.9)
      jwt (~> 1.5)
      multi_json (~> 1.10)
    slop (3.5.0)
    thor (0.19.1)
    thread_safe (0.3.5)
    tzinfo (1.2.2)
      thread_safe (~> 0.1)
    uber (0.0.13)
    virtus (1.0.5)
      axiom-types (~> 0.1)
      coercible (~> 1.0)
      descendants_tracker (~> 0.0, >= 0.0.3)
      equalizer (~> 0.0, >= 0.0.9)

PLATFORMS
  ruby

DEPENDENCIES
  bigquery!
  bundler
  minitest
  pry-byebug
  rake

BUNDLED WITH
   1.10.4
